GEM
  remote: http://rubygems.org/
  specs:
    activesupport (3.0.0)
    compass (0.10.5)
      haml (>= 3.0.4)
    haml (3.0.18)
    i18n (0.4.1)
    mail (2.2.5)
      activesupport (>= 2.3.6)
      mime-types
      treetop (>= 1.4.5)
    mime-types (1.16)
    picasa (0.2.2)
      xml-simple
    polyglot (0.3.1)
    rack (1.2.1)
    rack-flash (0.1.1)
      rack
    sinatra (1.0)
      rack (>= 1.0)
    treetop (1.4.8)
      polyglot (>= 0.3.1)
    xml-simple (1.0.12)

PLATFORMS
  ruby

DEPENDENCIES
  compass
  haml
  i18n
  mail
  picasa
  rack-flash
  sinatra
