GEM
  remote: http://rubygems.org/
  specs:
    chunky_png (1.1.1)
    compass (0.11.1)
      chunky_png (~> 1.1)
      fssm (>= 0.2.7)
      sass (~> 3.1)
    fssm (0.2.7)
    haml (3.1.1)
    i18n (0.5.0)
    mail (2.3.0)
      i18n (>= 0.4.0)
      mime-types (~> 1.16)
      treetop (~> 1.4.8)
    mime-types (1.16)
    picasa (0.2.2)
      xml-simple
    polyglot (0.3.1)
    rack (1.2.2)
    rack-flash (0.1.1)
      rack
    sass (3.1.1)
    sinatra (1.2.3)
      rack (~> 1.1)
      tilt (< 2.0, >= 1.2.2)
    tilt (1.2.2)
    treetop (1.4.9)
      polyglot (>= 0.3.1)
    xml-simple (1.0.15)

PLATFORMS
  ruby

DEPENDENCIES
  compass
  haml
  i18n
  mail
  picasa
  rack-flash
  sass
  sinatra
