GEM
  remote: http://rubygems.org/
  specs:
    activesupport (3.0.3)
    compass (0.10.6)
      haml (>= 3.0.4)
    haml (3.0.25)
    i18n (0.5.0)
    mail (2.2.14)
      activesupport (>= 2.3.6)
      i18n (>= 0.4.0)
      mime-types (~> 1.16)
      treetop (~> 1.4.8)
    mime-types (1.16)
    picasa (0.2.2)
      xml-simple
    polyglot (0.3.1)
    rack (1.2.1)
    rack-flash (0.1.1)
      rack
    sinatra (1.1.2)
      rack (~> 1.1)
      tilt (~> 1.2)
    tilt (1.2.2)
    treetop (1.4.9)
      polyglot (>= 0.3.1)
    xml-simple (1.0.12)

PLATFORMS
  ruby

DEPENDENCIES
  compass
  haml
  i18n
  mail
  picasa
  rack-flash
  sinatra
